GIT
  remote: https://github.com/jspc/fuggery-spinup
  revision: 93324dc08d5ca7df088d7e3805c4a72009816c00
  ref: 93324dc08d5ca7df088d7e3805c4a72009816c00
  specs:
    fuggery-rackspace-spinup (1.2.0)
      fog (= 1.19.0)
      unf (= 0.1.3)

GEM
  remote: https://rubygems.org/
  specs:
    builder (3.2.2)
    daemons (1.1.9)
    eventmachine (1.0.3)
    excon (0.31.0)
    fog (1.19.0)
      builder
      excon (~> 0.31.0)
      formatador (~> 0.2.0)
      mime-types
      multi_json (~> 1.0)
      net-scp (~> 1.1)
      net-ssh (>= 2.1.3)
      nokogiri (~> 1.5)
      ruby-hmac
    formatador (0.2.4)
    kgio (2.8.0)
    mime-types (2.1)
    mini_portile (0.5.2)
    mono_logger (1.1.0)
    multi_json (1.8.4)
    net-scp (1.1.2)
      net-ssh (>= 2.6.5)
    net-ssh (2.8.0)
    nokogiri (1.6.1)
      mini_portile (~> 0.5.0)
    rack (1.5.2)
    rack-protection (1.5.2)
      rack
    raindrops (0.10.0)
    rake (10.1.0)
    redis (3.0.7)
    redis-namespace (1.4.1)
      redis (~> 3.0.4)
    resque (1.25.1)
      mono_logger (~> 1.0)
      multi_json (~> 1.0)
      redis-namespace (~> 1.2)
      sinatra (>= 0.9.2)
      vegas (~> 0.1.2)
    ruby-hmac (0.4.0)
    sinatra (1.4.4)
      rack (~> 1.4)
      rack-protection (~> 1.4)
      tilt (~> 1.3, >= 1.3.4)
    thin (1.6.1)
      daemons (>= 1.0.9)
      eventmachine (>= 1.0.0)
      rack (>= 1.0.0)
    tilt (1.4.1)
    unf (0.1.3)
      unf_ext
    unf_ext (0.0.6)
    unicorn (4.8.2)
      kgio (~> 2.6)
      rack
      raindrops (~> 0.7)
    vegas (0.1.11)
      rack (>= 1.0.0)

PLATFORMS
  ruby

DEPENDENCIES
  fuggery-rackspace-spinup!
  rake
  resque
  sinatra
  thin
  unicorn
